PATH
  remote: .
  specs:
    redis-rpc (1.2.0)
      multi_json (~> 1.3)
      redis

GEM
  remote: http://rubygems.org/
  specs:
    byebug (10.0.2)
    diff-lcs (1.3)
    multi_json (1.13.1)
    rake (0.9.2)
    redis (4.0.3)
    rspec (3.8.0)
      rspec-core (~> 3.8.0)
      rspec-expectations (~> 3.8.0)
      rspec-mocks (~> 3.8.0)
    rspec-core (3.8.0)
      rspec-support (~> 3.8.0)
    rspec-expectations (3.8.2)
      diff-lcs (>= 1.2.0, < 2.0)
      rspec-support (~> 3.8.0)
    rspec-mocks (3.8.0)
      diff-lcs (>= 1.2.0, < 2.0)
      rspec-support (~> 3.8.0)
    rspec-support (3.8.0)

PLATFORMS
  ruby

DEPENDENCIES
  bundler
  byebug
  rake
  redis-rpc!
  rspec

BUNDLED WITH
   1.16.1
